GEM
  remote: https://rubygems.org/
  specs:
    builder (3.2.3)
    byebug (9.0.6)
    colsole (0.4.1)
    cucumber (2.4.0)
      builder (>= 2.1.2)
      cucumber-core (~> 1.5.0)
      cucumber-wire (~> 0.0.1)
      diff-lcs (>= 1.1.3)
      gherkin (~> 4.0)
      multi_json (>= 1.7.5, < 2.0)
      multi_test (>= 0.1.2)
    cucumber-core (1.5.0)
      gherkin (~> 4.0)
    cucumber-wire (0.0.1)
    diff-lcs (1.3)
    docile (1.1.5)
    docopt (0.6.0)
    gherkin (4.1.1)
    json (2.0.3)
    multi_json (1.12.1)
    multi_test (0.1.2)
    rspec-expectations (3.5.0)
      diff-lcs (>= 1.2.0, < 2.0)
      rspec-support (~> 3.5.0)
    rspec-support (3.5.0)
    runfile (0.9.0)
      colsole (~> 0.4)
      docopt (~> 0.5)
    similar_text (0.0.4)
    simplecov (0.14.1)
      docile (~> 1.1.0)
      json (>= 1.8, < 3)
      simplecov-html (~> 0.10.0)
    simplecov-html (0.10.0)

PLATFORMS
  ruby

DEPENDENCIES
  byebug
  cucumber
  rspec-expectations
  runfile
  similar_text
  simplecov

BUNDLED WITH
   1.14.6
